GEM
  remote: http://rubygems.org/
  specs:
    gdata4ruby (0.1.5)
    gdocs4ruby (0.1.2)
      gdata4ruby (>= 0.1.1)

PLATFORMS
  ruby

DEPENDENCIES
  gdocs4ruby
